GIT
  remote: git://github.com/FernandoEscher/sql_funk.git
  revision: 562e07af7c14b391332fdeaa8946df0f12e617da
  specs:
    sql_funk (0.0.4)

GIT
  remote: git://github.com/alexdunae/validates_email_format_of.git
  revision: 46b832f7c778cc73f45ebc84cffba03c33294928
  specs:
    validates_email_format_of (1.5.3)

GIT
  remote: git://github.com/arsduo/koala.git
  revision: aacdd324e4f00411c0fcebfa1f2cde7e9394bbcf
  specs:
    koala (1.7.0)
      addressable
      faraday
      multi_json

GIT
  remote: git://github.com/dangerp/omniauth-windowslive.git
  revision: 5abf18df60b314b9955400c45c854f1de099824f
  specs:
    omniauth-windowslive (0.0.8.2)
      multi_json (>= 1.0.3)
      omniauth-oauth2 (~> 1.0)

GIT
  remote: git://github.com/engageis/activerecord-postgres-hstore.git
  revision: 77a3f02820b48866dc67d67701886db755dee3ff
  specs:
    activerecord-postgres-hstore (0.7.0)
      rails
      rake

GIT
  remote: git://github.com/fred/active_admin.git
  revision: f12db0cc590d8770f232ed2ceb8c12081fef632f
  branch: no-override
  specs:
    activeadmin (0.5.1)
      arbre (>= 1.0.1)
      bourbon (>= 1.0.0)
      devise (>= 1.1.2)
      fastercsv
      formtastic (>= 2.0.0)
      inherited_resources (>= 1.3.1)
      jquery-rails (>= 1.0.0)
      kaminari (>= 0.13.0)
      meta_search (>= 0.9.2)
      rails (>= 3.0.0)
      sass (>= 3.1.0)

GIT
  remote: git://github.com/fred/anytime-rails.git
  revision: abfe5d79996e6a6882fb480386d2ed603fe25820
  specs:
    anytime (1.0.0)
      jquery-rails (>= 1.0.0)
      rails (>= 3.0.0)

GIT
  remote: git://github.com/fred/letter_opener.git
  revision: 36c51c0de1b982b8b2bedb018cd4f2b014330d44
  branch: fred
  specs:
    letter_opener (0.0.2)
      launchy

GIT
  remote: git://github.com/fred/opinio.git
  revision: 1614b8a0ea0c91667d0628333761b6cb24f886e4
  branch: fred
  specs:
    opinio (0.4.1)
      jquery-rails
      kaminari
      rails (~> 3)

GIT
  remote: git://github.com/galetahub/simple-captcha.git
  revision: 0005ecb3174319d48c3862d38f071a0f925a9372
  specs:
    simple_captcha (0.1.3)

GIT
  remote: git://github.com/michelson/lazy_high_charts.git
  revision: a1cae13467a797305b0cbbe7ebe087f805dc8cf9
  specs:
    lazy_high_charts (1.3.3)
      bundler (~> 1.0)
      hash-deep-merge

GIT
  remote: git://github.com/sunspot/sunspot.git
  revision: 3675a1dff444b6fcd011c8984a6dc952212c072c
  specs:
    sunspot (2.0.0.pre.130115)
      pr_geohash (~> 1.0)
      rsolr (~> 1.0.7)
    sunspot_rails (2.0.0.pre.130115)
      nokogiri
      sunspot (= 2.0.0.pre.130115)
    sunspot_solr (2.0.0.pre.130115)

GIT
  remote: https://github.com/rails/rails.git
  revision: b4f189a162f4280b360dbc2a6635bbff6c6f09bc
  branch: 3-2-stable
  specs:
    actionmailer (3.2.11)
      actionpack (= 3.2.11)
      mail (~> 2.5.3)
    actionpack (3.2.11)
      activemodel (= 3.2.11)
      activesupport (= 3.2.11)
      builder (~> 3.0.0)
      erubis (~> 2.7.0)
      journey (~> 1.0.4)
      rack (~> 1.4.3)
      rack-cache (~> 1.2)
      rack-test (~> 0.6.1)
      sprockets (~> 2.2.1)
    activemodel (3.2.11)
      activesupport (= 3.2.11)
      builder (~> 3.0.0)
    activerecord (3.2.11)
      activemodel (= 3.2.11)
      activesupport (= 3.2.11)
      arel (~> 3.0.2)
      tzinfo (~> 0.3.29)
    activeresource (3.2.11)
      activemodel (= 3.2.11)
      activesupport (= 3.2.11)
    activesupport (3.2.11)
      i18n (~> 0.6)
      multi_json (~> 1.0)
    rails (3.2.11)
      actionmailer (= 3.2.11)
      actionpack (= 3.2.11)
      activerecord (= 3.2.11)
      activeresource (= 3.2.11)
      activesupport (= 3.2.11)
      bundler (~> 1.0)
      railties (= 3.2.11)
    railties (3.2.11)
      actionpack (= 3.2.11)
      activesupport (= 3.2.11)
      rack-ssl (~> 1.3.2)
      rake (>= 0.8.7)
      rdoc (~> 3.4)
      thor (>= 0.14.6, < 2.0)

GEM
  remote: http://rubygems.org/
  specs:
    activerecord-jdbc-adapter (1.2.6)
    activerecord-jdbcpostgresql-adapter (1.2.6)
      activerecord-jdbc-adapter (~> 1.2.6)
      jdbc-postgres (>= 9.1, < 9.3)
    addressable (2.3.2)
    ansi (1.4.3)
    arbre (1.0.1)
      activesupport (>= 3.0.0)
    arel (3.0.2)
    bcrypt-ruby (3.0.1)
    bcrypt-ruby (3.0.1-java)
    bouncy-castle-java (1.5.0146.1)
    bourbon (3.0.1)
      sass (>= 3.2.0)
      thor
    brakeman (1.9.1)
      erubis (~> 2.6)
      fastercsv (~> 1.5)
      haml (~> 3.0)
      highline (~> 1.6)
      multi_json (~> 1.3)
      ruby2ruby (~> 2.0)
      ruby_parser (~> 3.1.1)
      sass (~> 3.0)
      terminal-table (~> 1.4)
    builder (3.0.4)
    cancan (1.6.8)
    capistrano (2.13.5)
      highline
      net-scp (>= 1.0.0)
      net-sftp (>= 2.0.0)
      net-ssh (>= 2.0.14)
      net-ssh-gateway (>= 1.1.0)
    capybara (2.0.2)
      mime-types (>= 1.16)
      nokogiri (>= 1.3.3)
      rack (>= 1.0.0)
      rack-test (>= 0.5.4)
      selenium-webdriver (~> 2.0)
      xpath (~> 1.0.0)
    carrierwave (0.6.2)
      activemodel (>= 3.2.0)
      activesupport (>= 3.2.0)
    celluloid (0.12.4)
      facter (>= 1.6.12)
      timers (>= 1.0.0)
    childprocess (0.3.7)
      ffi (~> 1.0, >= 1.0.6)
    coderay (1.0.8)
    coffee-rails (3.2.2)
      coffee-script (>= 2.2.0)
      railties (~> 3.2.0)
    coffee-script (2.2.0)
      coffee-script-source
      execjs
    coffee-script-source (1.4.0)
    commonjs (0.2.6)
    connection_pool (1.0.0)
    country-select (1.1.1)
    cucumber (1.2.1)
      builder (>= 2.1.2)
      diff-lcs (>= 1.1.3)
      gherkin (~> 2.11.0)
      json (>= 1.4.6)
    cucumber-rails (1.3.0)
      capybara (>= 1.1.2)
      cucumber (>= 1.1.8)
      nokogiri (>= 1.5.0)
    database_cleaner (0.9.1)
    devise (2.2.3)
      bcrypt-ruby (~> 3.0)
      orm_adapter (~> 0.1)
      railties (~> 3.1)
      warden (~> 1.2.1)
    diff-lcs (1.1.3)
    erubis (2.7.0)
    exception_notification (2.6.1)
      actionmailer (>= 3.0.4)
    excon (0.14.3)
    execjs (1.4.0)
      multi_json (~> 1.0)
    facter (1.6.17)
    factory_girl (4.2.0)
      activesupport (>= 3.0.0)
    factory_girl_rails (4.2.0)
      factory_girl (~> 4.2.0)
      railties (>= 3.0.0)
    faraday (0.8.5)
      multipart-post (~> 1.1)
    fast_gettext (0.7.0)
    fastercsv (1.5.5)
    ffi (1.1.5)
    ffi (1.1.5-java)
    fog (1.4.0)
      builder
      excon (~> 0.14.0)
      formatador (~> 0.2.0)
      mime-types
      multi_json (~> 1.0)
      net-scp (~> 1.0.4)
      net-ssh (>= 2.1.3)
      nokogiri (~> 1.5.0)
      ruby-hmac
    foreman (0.61.0)
      thor (>= 0.13.6)
    foreman (0.61.0-java)
      posix-spawn (~> 0.3.6)
      thor (>= 0.13.6)
    formatador (0.2.4)
    formtastic (2.2.1)
      actionpack (>= 3.0)
    friendly_id (4.0.9)
    fuubar (1.1.0)
      rspec (~> 2.0)
      rspec-instafail (~> 0.2.0)
      ruby-progressbar (~> 1.0.0)
    gettext (2.2.1)
      locale
    gettext_i18n_rails (0.9.1)
      fast_gettext (>= 0.4.8)
    gherkin (2.11.6)
      json (>= 1.7.6)
    gherkin (2.11.6-java)
      json (>= 1.7.6)
    guard (1.6.2)
      listen (>= 0.6.0)
      lumberjack (>= 1.0.2)
      pry (>= 0.9.10)
      terminal-table (>= 1.4.3)
      thor (>= 0.14.6)
    guard-rspec (2.4.0)
      guard (>= 1.1)
      rspec (~> 2.11)
    haml (3.1.7)
    has_scope (0.5.1)
    hash-deep-merge (0.1.1)
    hashie (1.2.0)
    highline (1.6.15)
    hike (1.2.1)
    hirb (0.7.1)
    httpauth (0.2.0)
    i18n (0.6.1)
    inherited_resources (1.3.1)
      has_scope (~> 0.5.0)
      responders (~> 0.6)
    jdbc-postgres (9.2.1002.1)
    journey (1.0.4)
    jquery-rails (2.0.3)
      railties (>= 3.1.0, < 5.0)
      thor (~> 0.14)
    jquery-turbolinks (0.2.1)
      rails (>= 3.1.0)
    jruby-ehcache (1.3.2)
    jruby-ehcache-rails3 (1.3.2)
      jruby-ehcache
    jruby-openssl (0.8.2)
      bouncy-castle-java (>= 1.5.0146.1)
    jruby-rack (1.1.13.1)
    json (1.7.6)
    json (1.7.6-java)
    jwt (0.1.5)
      multi_json (>= 1.0)
    kaminari (0.14.1)
      actionpack (>= 3.0.0)
      activesupport (>= 3.0.0)
    kgio (2.8.0)
    launchy (2.1.2)
      addressable (~> 2.3)
    launchy (2.1.2-java)
      addressable (~> 2.3)
      ffi (~> 1.1.1)
      spoon (~> 0.0.1)
    less (2.2.2)
      commonjs (~> 0.2.6)
    less-rails (2.2.6)
      actionpack (>= 3.1)
      less (~> 2.2.0)
    libv8 (3.3.10.4)
    listen (0.7.2)
    locale (2.0.8)
    lumberjack (1.0.2)
    mail (2.5.3)
      i18n (>= 0.4.0)
      mime-types (~> 1.16)
      treetop (~> 1.4.8)
    memcached (1.5.0)
    meta_search (1.1.3)
      actionpack (~> 3.1)
      activerecord (~> 3.1)
      activesupport (~> 3.1)
      polyamorous (~> 0.5.0)
    method_source (0.8.1)
    mime-types (1.20.1)
    multi_json (1.5.0)
    multipart-post (1.1.5)
    net-scp (1.0.4)
      net-ssh (>= 1.99.1)
    net-sftp (2.0.5)
      net-ssh (>= 2.0.9)
    net-ssh (2.6.3)
    net-ssh-gateway (1.1.0)
      net-ssh (>= 1.99.1)
    newrelic_rpm (3.5.4.34)
    nifty-generators (0.4.6)
    nokogiri (1.5.6)
    nokogiri (1.5.6-java)
    oauth (0.4.7)
    oauth2 (0.8.0)
      faraday (~> 0.8)
      httpauth (~> 0.1)
      jwt (~> 0.1.4)
      multi_json (~> 1.0)
      rack (~> 1.2)
    omniauth (1.1.1)
      hashie (~> 1.2)
      rack
    omniauth-facebook (1.4.0)
      omniauth-oauth2 (~> 1.0.2)
    omniauth-google-oauth2 (0.1.13)
      omniauth (~> 1.0)
      omniauth-oauth2
    omniauth-oauth (1.0.1)
      oauth
      omniauth (~> 1.0)
    omniauth-oauth2 (1.0.3)
      oauth2 (~> 0.8.0)
      omniauth (~> 1.0)
    omniauth-twitter (0.0.14)
      multi_json (~> 1.3)
      omniauth-oauth (~> 1.0)
    orm_adapter (0.4.0)
    paper_trail (2.6.4)
      activerecord (~> 3.0)
      railties (~> 3.0)
    pg (0.14.1)
    pg_power (1.3.0)
      pg
      rails (~> 3.1)
      rspec-rails
    polyamorous (0.5.0)
      activerecord (~> 3.0)
    polyglot (0.3.3)
    posix-spawn (0.3.6)
    pr_geohash (1.0.0)
    pry (0.9.11.4)
      coderay (~> 1.0.5)
      method_source (~> 0.8)
      slop (~> 3.4)
    pry (0.9.11.4-java)
      coderay (~> 1.0.5)
      method_source (~> 0.8)
      slop (~> 3.4)
      spoon (~> 0.0)
    pry-rails (0.2.2)
      pry (>= 0.9.10)
    rack (1.4.4)
    rack-cache (1.2)
      rack (>= 0.4)
    rack-protection (1.3.2)
      rack
    rack-ssl (1.3.3)
      rack
    rack-test (0.6.2)
      rack (>= 1.0)
    rails3_libmemcached_store (0.5.1)
      memcached
    rails_config (0.3.2)
      activesupport (>= 3.0)
    raindrops (0.10.0)
    rake (10.0.3)
    rakismet (1.3.0)
    rdoc (3.12)
      json (~> 1.4)
    redis (3.0.2)
    redis-namespace (1.2.1)
      redis (~> 3.0.0)
    responders (0.9.3)
      railties (~> 3.1)
    rmagick (2.13.2)
    rmagick4j (0.3.7)
    rsolr (1.0.8)
      builder (>= 2.1.2)
    rspec (2.12.0)
      rspec-core (~> 2.12.0)
      rspec-expectations (~> 2.12.0)
      rspec-mocks (~> 2.12.0)
    rspec-core (2.12.2)
    rspec-expectations (2.12.1)
      diff-lcs (~> 1.1.3)
    rspec-instafail (0.2.4)
    rspec-mocks (2.12.2)
    rspec-rails (2.12.2)
      actionpack (>= 3.0)
      activesupport (>= 3.0)
      railties (>= 3.0)
      rspec-core (~> 2.12.0)
      rspec-expectations (~> 2.12.0)
      rspec-mocks (~> 2.12.0)
    ruby-hmac (0.4.0)
    ruby-progressbar (1.0.2)
    ruby2ruby (2.0.2)
      ruby_parser (~> 3.1)
      sexp_processor (~> 4.0)
    ruby_parser (3.1.1)
      sexp_processor (~> 4.1)
    rubyzip (0.9.9)
    rvm-capistrano (1.2.7)
      capistrano (>= 2.0.0)
    sass (3.2.5)
    sass-rails (3.2.6)
      railties (~> 3.2.0)
      sass (>= 3.1.10)
      tilt (~> 1.3)
    selenium-webdriver (2.29.0)
      childprocess (>= 0.2.5)
      multi_json (~> 1.0)
      rubyzip
      websocket (~> 1.0.4)
    sexp_processor (4.1.4)
    sidekiq (2.7.0)
      celluloid (~> 0.12.0)
      connection_pool (~> 1.0)
      multi_json (~> 1)
      redis (~> 3)
      redis-namespace
    simple_oauth (0.1.9)
    sinatra (1.3.4)
      rack (~> 1.4)
      rack-protection (~> 1.3)
      tilt (~> 1.3, >= 1.3.3)
    sitemap_generator (3.4)
      builder
    slim (1.3.6)
      temple (~> 0.5.5)
      tilt (~> 1.3.3)
    slop (3.4.3)
    spoon (0.0.1)
    sprockets (2.2.2)
      hike (~> 1.2)
      multi_json (~> 1.0)
      rack (~> 1.0)
      tilt (~> 1.1, != 1.3.0)
    squeel (1.0.15)
      activerecord (~> 3.0)
      activesupport (~> 3.0)
      polyamorous (~> 0.5.0)
    statistics2 (0.54)
    stringex (1.5.1)
    sunspot_test (0.4.0)
      sunspot_rails (>= 1.2.1)
    tabletastic (0.2.3)
      activesupport (~> 3.0)
    temple (0.5.5)
    terminal-table (1.4.5)
    therubyracer (0.10.2)
      libv8 (~> 3.3.10)
    therubyrhino (2.0.2)
      therubyrhino_jar (>= 1.7.3)
    therubyrhino_jar (1.7.4)
    thor (0.17.0)
    thumbs_up (0.6.3)
      activerecord
      statistics2
    tilt (1.3.3)
    timers (1.1.0)
    tinymce-rails (3.5.8)
      railties (>= 3.1.1)
    tinymce-rails-imageupload (3.5.6.4)
      railties (>= 3.1)
      tinymce-rails (>= 3.4.9)
    treetop (1.4.12)
      polyglot
      polyglot (>= 0.3.1)
    turbo-sprockets-rails3 (0.3.6)
      railties (> 3.2.8, < 4.0.0)
      sprockets (>= 2.0.0)
    turbolinks (1.0.0)
      coffee-rails
    turn (0.8.3)
      ansi
    twitter (4.4.0)
      faraday (~> 0.8)
      multi_json (~> 1.3)
      simple_oauth (~> 0.1.6)
    twitter-bootstrap-rails (2.2.0)
      actionpack (>= 3.1)
      execjs
      railties (>= 3.1)
    tzinfo (0.3.35)
    uglifier (1.3.0)
      execjs (>= 0.3.0)
      multi_json (~> 1.0, >= 1.0.2)
    unicorn (4.5.0)
      kgio (~> 2.6)
      rack
      raindrops (~> 0.7)
    warden (1.2.1)
      rack (>= 1.0)
    webrat (0.7.3)
      nokogiri (>= 1.2.0)
      rack (>= 1.0)
      rack-test (>= 0.5.3)
    websocket (1.0.7)
    xpath (1.0.0)
      nokogiri (~> 1.3)

PLATFORMS
  java
  ruby

DEPENDENCIES
  activeadmin!
  activerecord-jdbcpostgresql-adapter
  activerecord-postgres-hstore!
  anytime!
  brakeman
  bundler
  cancan (~> 1.6.7)
  capistrano (~> 2.13.0)
  capybara (>= 1.0.1)
  carrierwave (~> 0.6.2)
  celluloid
  coffee-rails (~> 3.2.2)
  country-select
  cucumber-rails (>= 1.0.2)
  database_cleaner
  devise (~> 2.0)
  exception_notification (~> 2.6.0)
  execjs
  factory_girl (~> 4.0)
  factory_girl_rails (~> 4.0)
  fast_gettext
  fog (~> 1.4.0)
  foreman
  friendly_id (~> 4.0.0)
  fuubar
  gettext (~> 2.2.1)
  gettext_i18n_rails
  guard-rspec
  hirb
  jquery-rails (~> 2.0.2)
  jquery-turbolinks
  jruby-ehcache
  jruby-ehcache-rails3
  jruby-openssl
  jruby-rack
  json
  kaminari
  koala!
  launchy (>= 2.0.5)
  lazy_high_charts!
  less (~> 2.2.2)
  less-rails (~> 2.2.6)
  letter_opener!
  locale
  meta_search
  multi_json
  newrelic_rpm (= 3.5.4.34)
  nifty-generators
  nokogiri
  omniauth
  omniauth-facebook (= 1.4.0)
  omniauth-google-oauth2 (~> 0.1.13)
  omniauth-oauth (~> 1.0.1)
  omniauth-oauth2 (= 1.0.3)
  omniauth-twitter (~> 0.0.12)
  omniauth-windowslive!
  opinio!
  paper_trail (~> 2.6.3)
  pg
  pg_power
  pry-rails
  rack (~> 1.4.3)
  rack-cache
  rails!
  rails3_libmemcached_store
  rails_config
  rake
  rakismet
  redis
  rmagick
  rmagick4j
  rspec
  rspec-rails
  ruby_parser
  rvm-capistrano
  sass (~> 3.2)
  sass-rails
  sidekiq
  simple_captcha!
  simple_oauth (~> 0.1.9)
  sinatra
  sitemap_generator
  slim (~> 1.3.0)
  sql_funk!
  squeel (~> 1.0.11)
  stringex (~> 1.4)
  sunspot!
  sunspot_rails!
  sunspot_solr!
  sunspot_test
  tabletastic
  therubyracer (~> 0.10.2)
  therubyrhino
  thumbs_up
  tinymce-rails (~> 3.5.6)
  tinymce-rails-imageupload (~> 3.5.6.3)
  turbo-sprockets-rails3
  turbolinks
  turn (~> 0.8.3)
  twitter (~> 4.0)
  twitter-bootstrap-rails
  uglifier (>= 1.2.5)
  unicorn
  validates_email_format_of!
  webrat (~> 0.7.3)
  xpath
