GIT
  remote: git://github.com/fred/active_admin.git
  revision: b4e7d834779d59a255822cd16a32302d7d5abd63
  branch: 594
  specs:
    activeadmin (0.4.3)
      bourbon (>= 1.0.0)
      devise (>= 1.1.2)
      fastercsv
      formtastic (~> 2.1.1)
      inherited_resources (<= 1.3.0)
      jquery-rails (>= 1.0.0)
      kaminari (>= 0.13.0)
      meta_search (>= 0.9.2)
      rails (>= 3.0.0)
      sass (>= 3.1.0)

GIT
  remote: git://github.com/fred/opinio.git
  revision: 1614b8a0ea0c91667d0628333761b6cb24f886e4
  branch: fred
  specs:
    opinio (0.4.1)
      jquery-rails
      kaminari
      rails (~> 3)

GIT
  remote: git://github.com/fred/resque-history.git
  revision: d4bdf7fc10e583636b92a1700c0c96d1e6d4a948
  specs:
    resque-history (1.6.0)
      rake
      resque
      resque-history

GIT
  remote: git://github.com/galetahub/simple-captcha.git
  revision: 5cdfe83b04387ac49173c3ade86bd4ebdaf4cd60
  specs:
    galetahub-simple_captcha (0.1.3)

GEM
  remote: http://rubygems.org/
  specs:
    ZenTest (4.7.0)
    actionmailer (3.2.3)
      actionpack (= 3.2.3)
      mail (~> 2.4.4)
    actionpack (3.2.3)
      activemodel (= 3.2.3)
      activesupport (= 3.2.3)
      builder (~> 3.0.0)
      erubis (~> 2.7.0)
      journey (~> 1.0.1)
      rack (~> 1.4.0)
      rack-cache (~> 1.2)
      rack-test (~> 0.6.1)
      sprockets (~> 2.1.2)
    activemodel (3.2.3)
      activesupport (= 3.2.3)
      builder (~> 3.0.0)
    activerecord (3.2.3)
      activemodel (= 3.2.3)
      activesupport (= 3.2.3)
      arel (~> 3.0.2)
      tzinfo (~> 0.3.29)
    activeresource (3.2.3)
      activemodel (= 3.2.3)
      activesupport (= 3.2.3)
    activesupport (3.2.3)
      i18n (~> 0.6)
      multi_json (~> 1.0)
    addressable (2.2.7)
    ansi (1.4.2)
    arel (3.0.2)
    asset_sync (0.3.2)
      activemodel
      fog
    autotest (4.4.6)
      ZenTest (>= 4.4.1)
    autotest-rails (4.1.2)
      ZenTest (~> 4.5)
    bcrypt-ruby (3.0.1)
    bourbon (1.4.0)
      sass (>= 3.1)
    builder (3.0.0)
    cancan (1.6.7)
    capistrano (2.9.0)
      highline
      net-scp (>= 1.0.0)
      net-sftp (>= 2.0.0)
      net-ssh (>= 2.0.14)
      net-ssh-gateway (>= 1.1.0)
    capybara (1.1.2)
      mime-types (>= 1.16)
      nokogiri (>= 1.3.3)
      rack (>= 1.0.0)
      rack-test (>= 0.5.4)
      selenium-webdriver (~> 2.0)
      xpath (~> 0.1.4)
    carrierwave (0.5.8)
      activesupport (~> 3.0)
    childprocess (0.3.2)
      ffi (~> 1.0.6)
    coffee-rails (3.2.2)
      coffee-script (>= 2.2.0)
      railties (~> 3.2.0)
    coffee-script (2.2.0)
      coffee-script-source
      execjs
    coffee-script-source (1.3.1)
    commonjs (0.2.6)
    country-select (1.1.1)
    cucumber (1.1.9)
      builder (>= 2.1.2)
      diff-lcs (>= 1.1.2)
      gherkin (~> 2.9.0)
      json (>= 1.4.6)
      term-ansicolor (>= 1.0.6)
    cucumber-rails (1.3.0)
      capybara (>= 1.1.2)
      cucumber (>= 1.1.8)
      nokogiri (>= 1.5.0)
    daemons (1.1.8)
    dalli (2.0.3)
    database_cleaner (0.7.2)
    devise (2.0.4)
      bcrypt-ruby (~> 3.0)
      orm_adapter (~> 0.0.3)
      railties (~> 3.1)
      warden (~> 1.1.1)
    diff-lcs (1.1.3)
    erubis (2.7.0)
    escape (0.0.4)
    eventmachine (0.12.10)
    exception_notification (2.6.1)
      actionmailer (>= 3.0.4)
    excon (0.13.4)
    execjs (1.3.0)
      multi_json (~> 1.0)
    factory_girl (2.5.2)
      activesupport (>= 2.3.9)
    factory_girl_rails (1.6.0)
      factory_girl (~> 2.5.0)
      railties (>= 3.0.0)
    faraday (0.8.0)
      multipart-post (~> 1.1)
    fastercsv (1.5.4)
    fattr (2.2.1)
    ffi (1.0.11)
    fog (1.3.1)
      builder
      excon (~> 0.13.0)
      formatador (~> 0.2.0)
      mime-types
      multi_json (~> 1.0)
      net-scp (~> 1.0.4)
      net-ssh (>= 2.1.3)
      nokogiri (~> 1.5.0)
      ruby-hmac
    foreman (0.44.0)
      thor (>= 0.13.6)
    formatador (0.2.1)
    formtastic (2.1.1)
      actionpack (~> 3.0)
    friendly_id (4.0.4)
    gherkin (2.9.3)
      json (>= 1.4.6)
    has_scope (0.5.1)
    highline (1.6.11)
    hike (1.2.1)
    hirb (0.6.2)
    i18n (0.6.0)
    inherited_resources (1.3.0)
      has_scope (~> 0.5.0)
      responders (~> 0.6.0)
    journey (1.0.3)
    jquery-rails (2.0.2)
      railties (>= 3.2.0, < 5.0)
      thor (~> 0.14)
    json (1.6.6)
    kaminari (0.13.0)
      actionpack (>= 3.0.0)
      activesupport (>= 3.0.0)
      railties (>= 3.0.0)
    kgio (2.7.4)
    launchy (2.1.0)
      addressable (~> 2.2.6)
    less (2.0.12)
      commonjs (~> 0.2.0)
      therubyracer (~> 0.9.9)
    less-rails (2.1.8)
      actionpack (>= 3.1)
      less (~> 2.0.7)
    libv8 (3.3.10.4)
    libwebsocket (0.1.3)
      addressable
    mail (2.4.4)
      i18n (>= 0.4.0)
      mime-types (~> 1.16)
      treetop (~> 1.4.8)
    meta_search (1.1.3)
      actionpack (~> 3.1)
      activerecord (~> 3.1)
      activesupport (~> 3.1)
      polyamorous (~> 0.5.0)
    mime-types (1.18)
    mini_magick (3.4)
      subexec (~> 0.2.1)
    multi_json (1.3.2)
    multipart-post (1.1.5)
    net-scp (1.0.4)
      net-ssh (>= 1.99.1)
    net-sftp (2.0.5)
      net-ssh (>= 2.0.9)
    net-ssh (2.3.0)
    net-ssh-gateway (1.1.0)
      net-ssh (>= 1.99.1)
    nifty-generators (0.4.6)
    nokogiri (1.5.2)
    options (2.3.0)
      fattr
    orm_adapter (0.0.7)
    paper_trail (2.6.3)
      activerecord (~> 3.0)
      railties (~> 3.0)
    pg (0.13.2)
    polyamorous (0.5.0)
      activerecord (~> 3.0)
    polyglot (0.3.3)
    postmark (0.9.10)
    postmark-rails (0.4.1)
      actionmailer
      postmark (>= 0.9.0)
      rake
    pr_geohash (1.0.0)
    progress_bar (0.4.0)
      highline (~> 1.6.1)
      options (~> 2.3.0)
    rack (1.4.1)
    rack-cache (1.2)
      rack (>= 0.4)
    rack-protection (1.2.0)
      rack
    rack-ssl (1.3.2)
      rack
    rack-ssl-enforcer (0.2.4)
    rack-test (0.6.1)
      rack (>= 1.0)
    rails (3.2.3)
      actionmailer (= 3.2.3)
      actionpack (= 3.2.3)
      activerecord (= 3.2.3)
      activeresource (= 3.2.3)
      activesupport (= 3.2.3)
      bundler (~> 1.0)
      railties (= 3.2.3)
    rails-settings-cached (0.1.2)
      rails (>= 3.0.0)
    railties (3.2.3)
      actionpack (= 3.2.3)
      activesupport (= 3.2.3)
      rack-ssl (~> 1.3.2)
      rake (>= 0.8.7)
      rdoc (~> 3.4)
      thor (~> 0.14.6)
    raindrops (0.8.0)
    rake (0.9.2.2)
    rakismet (1.2.1)
    rdoc (3.12)
      json (~> 1.4)
    redis (2.2.2)
    redis-namespace (1.0.3)
      redis (< 3.0.0)
    responders (0.6.5)
    resque (1.20.0)
      multi_json (~> 1.0)
      redis-namespace (~> 1.0.2)
      sinatra (>= 0.9.2)
      vegas (~> 0.1.2)
    resque-scheduler (1.9.9)
      redis (>= 2.0.1)
      resque (>= 1.8.0)
      rufus-scheduler
    resque_mailer (2.0.3)
      actionmailer (>= 3.0.0)
      resque (>= 1.2.3)
    rsolr (1.0.8)
      builder (>= 2.1.2)
    rspec (2.8.0)
      rspec-core (~> 2.8.0)
      rspec-expectations (~> 2.8.0)
      rspec-mocks (~> 2.8.0)
    rspec-core (2.8.0)
    rspec-expectations (2.8.0)
      diff-lcs (~> 1.1.2)
    rspec-mocks (2.8.0)
    rspec-rails (2.8.1)
      actionpack (>= 3.0)
      activesupport (>= 3.0)
      railties (>= 3.0)
      rspec (~> 2.8.0)
    ruby-hmac (0.4.0)
    rubyzip (0.9.7)
    rufus-scheduler (2.0.16)
      tzinfo (>= 0.3.23)
    rvm-capistrano (1.1.0)
      capistrano (>= 2.0.0)
    sass (3.1.16)
    sass-rails (3.2.5)
      railties (~> 3.2.0)
      sass (>= 3.1.10)
      tilt (~> 1.3)
    selenium-webdriver (2.21.2)
      childprocess (>= 0.2.5)
      ffi (~> 1.0)
      libwebsocket (~> 0.1.3)
      multi_json (~> 1.0)
      rubyzip
    simple_oauth (0.1.7)
    sinatra (1.3.2)
      rack (~> 1.3, >= 1.3.6)
      rack-protection (~> 1.2)
      tilt (~> 1.3, >= 1.3.3)
    sprockets (2.1.2)
      hike (~> 1.2)
      rack (~> 1.0)
      tilt (~> 1.1, != 1.3.0)
    sqlite3 (1.3.6)
    squeel (1.0.0)
      activerecord (~> 3.0)
      activesupport (~> 3.0)
      polyamorous (~> 0.5.0)
    stringex (1.3.3)
    subexec (0.2.2)
    sunspot (2.0.0.pre.111215)
      escape (~> 0.0.4)
      pr_geohash (~> 1.0)
      rsolr (~> 1.0.6)
    sunspot_rails (2.0.0.pre.111215)
      nokogiri
      sunspot (= 2.0.0.pre.111215)
    sunspot_test (0.4.0)
      sunspot_rails (>= 1.2.1)
    term-ansicolor (1.0.7)
    therubyracer (0.9.10)
      libv8 (~> 3.3.10)
    thin (1.3.1)
      daemons (>= 1.0.9)
      eventmachine (>= 0.12.6)
      rack (>= 1.0.0)
    thor (0.14.6)
    tilt (1.3.3)
    tinymce-rails (3.4.7.0.1)
      railties (>= 3.1)
    treetop (1.4.10)
      polyglot
      polyglot (>= 0.3.1)
    turn (0.8.3)
      ansi
    twitter (2.2.3)
      activesupport (>= 2.3.9, < 4)
      faraday (~> 0.8)
      multi_json (~> 1.3)
      simple_oauth (~> 0.1.6)
    twitter-bootstrap-rails (1.4.3)
      actionpack
      jquery-rails (>= 1.0)
      less-rails (~> 2.1.0)
      railties
    tzinfo (0.3.33)
    uglifier (1.2.4)
      execjs (>= 0.3.0)
      multi_json (>= 1.0.2)
    unicorn (4.3.0)
      kgio (~> 2.6)
      rack
      raindrops (~> 0.7)
    vegas (0.1.11)
      rack (>= 1.0.0)
    warden (1.1.1)
      rack (>= 1.0)
    webrat (0.7.3)
      nokogiri (>= 1.2.0)
      rack (>= 1.0)
      rack-test (>= 0.5.3)
    xpath (0.1.4)
      nokogiri (~> 1.3)

PLATFORMS
  ruby

DEPENDENCIES
  activeadmin!
  asset_sync
  autotest
  autotest-rails
  bundler (>= 1.1.0)
  cancan (~> 1.6.7)
  capistrano (~> 2.9.0)
  capybara (>= 1.0.1)
  carrierwave (~> 0.5.8)
  coffee-rails (~> 3.2.1)
  country-select
  cucumber-rails (>= 1.0.2)
  dalli (~> 2.0.2)
  database_cleaner (>= 0.6.7)
  devise (~> 2.0.4)
  exception_notification (~> 2.6.0)
  execjs
  factory_girl (~> 2.5.0)
  factory_girl_rails (~> 1.6.0)
  fog (~> 1.3.1)
  foreman
  friendly_id (~> 4.0.0)
  galetahub-simple_captcha!
  hirb
  jquery-rails
  json (~> 1.6.6)
  kaminari
  launchy (>= 2.0.5)
  libv8
  meta_search (~> 1.1.3)
  mini_magick (~> 3.4)
  multi_json (~> 1.3.2)
  nifty-generators
  opinio!
  paper_trail (~> 2.6.3)
  pg
  postmark-rails
  progress_bar
  rack
  rack-cache
  rack-ssl-enforcer
  rails (= 3.2.3)
  rails-settings-cached (~> 0.1.2)
  rake
  rakismet
  resque (~> 1.20.0)
  resque-history!
  resque-scheduler
  resque_mailer
  rspec (~> 2.8.0)
  rspec-rails (~> 2.8.1)
  rvm-capistrano
  sass
  sass-rails (~> 3.2.3)
  simple_oauth (~> 0.1.7)
  sqlite3
  squeel
  stringex
  sunspot (= 2.0.0.pre.111215)
  sunspot_rails (= 2.0.0.pre.111215)
  sunspot_test
  therubyracer
  thin
  tinymce-rails (= 3.4.7.0.1)
  turn (~> 0.8.3)
  twitter (~> 2.2.2)
  twitter-bootstrap-rails (~> 1.4.3)
  uglifier (>= 1.0.3)
  unicorn
  webrat (~> 0.7.3)
